GEM
  remote: http://rubygems.org/
  specs:
    crack (0.1.8)
    daemons (1.1.0)
    diff-lcs (1.1.2)
    eventmachine (0.12.10)
    fakefs (0.2.1)
    mime-types (1.16)
    parka (0.4.3)
      crack
      rest-client
      thor
    rack (1.2.1)
    rake (0.8.7)
    rcov (0.9.8)
    rest-client (1.6.0)
      mime-types (>= 1.16)
    rr (0.10.11)
    rspec (2.0.0.beta.20)
      rspec-core (= 2.0.0.beta.20)
      rspec-expectations (= 2.0.0.beta.20)
      rspec-mocks (= 2.0.0.beta.20)
    rspec-core (2.0.0.beta.20)
    rspec-expectations (2.0.0.beta.20)
      diff-lcs (>= 1.1.2)
    rspec-mocks (2.0.0.beta.20)
    shotgun (0.8)
      rack (>= 1.0)
    thin (1.2.7)
      daemons (>= 1.0.9)
      eventmachine (>= 0.12.6)
      rack (>= 1.0.0)
    thor (0.14.0)

PLATFORMS
  ruby

DEPENDENCIES
  fakefs (~> 0.2.1)
  parka
  rake (~> 0.8.7)
  rcov (~> 0.9.8)
  rr (~> 0.10.11)
  rspec (~> 2.0.0.beta.19)
  shotgun
  thin
