PATH
  remote: .
  specs:
    buckshot (0.1.0)
      shotgun
      thin

GEM
  remote: http://rubygems.org/
  specs:
    daemons (1.1.3)
    diff-lcs (1.1.2)
    eventmachine (0.12.10)
    fakefs (0.2.1)
    rack (1.3.0)
    rake (0.8.7)
    rcov (0.9.8)
    rr (0.10.11)
    rspec (2.0.0.beta.20)
      rspec-core (= 2.0.0.beta.20)
      rspec-expectations (= 2.0.0.beta.20)
      rspec-mocks (= 2.0.0.beta.20)
    rspec-core (2.0.0.beta.20)
    rspec-expectations (2.0.0.beta.20)
      diff-lcs (>= 1.1.2)
    rspec-mocks (2.0.0.beta.20)
    shotgun (0.9)
      rack (>= 1.0)
    thin (1.2.11)
      daemons (>= 1.0.9)
      eventmachine (>= 0.12.6)
      rack (>= 1.0.0)

PLATFORMS
  ruby

DEPENDENCIES
  buckshot!
  fakefs
  rake
  rcov
  rr
  rspec
